GEM
  remote: http://rubygems.org/
  specs:
    loggability (0.11.0)
    sequel (3.48.0)
    sqlite3 (1.3.9)
    wordnet (1.0.0)
      loggability (~> 0.5)
      sequel (~> 3.38)

PLATFORMS
  ruby

DEPENDENCIES
  sqlite3
  wordnet
